GEM
  remote: http://rubygems.org/
  specs:
    actionmailer (2.3.3)
      actionpack (= 2.3.3)
    actionpack (2.3.3)
      activesupport (= 2.3.3)
      rack (~> 1.0.0)
    activerecord (2.3.3)
      activesupport (= 2.3.3)
    activeresource (2.3.3)
      activesupport (= 2.3.3)
    activesupport (2.3.3)
    authlogic (2.1.0)
      activesupport
    builder (3.0.0)
    columnize (0.3.4)
    configuration (1.3.1)
    cucumber (0.3.9)
      builder (>= 2.1.2)
      diff-lcs (>= 1.1.2)
      polyglot (>= 0.2.5)
      term-ansicolor (>= 1.0.3)
      treetop (>= 1.2.5)
    diff-lcs (1.1.3)
    email_spec (0.6.6)
      rspec
    factory_girl (1.3.3)
    heroku (1.17.10)
      json (~> 1.4.6)
      launchy (~> 0.3.2)
      rest-client (>= 1.4.0, < 1.7.0)
    json (1.4.6)
    launchy (0.3.7)
      configuration (>= 0.0.5)
      rake (>= 0.8.1)
    linecache (0.46)
      rbx-require-relative (> 0.0.4)
    mime-types (1.16)
    nokogiri (1.5.0)
    pg (0.11.0)
    polyglot (0.3.2)
    rack (1.0.1)
    rails (2.3.3)
      actionmailer (= 2.3.3)
      actionpack (= 2.3.3)
      activerecord (= 2.3.3)
      activeresource (= 2.3.3)
      activesupport (= 2.3.3)
      rake (>= 0.8.3)
    rake (0.9.2)
    rbx-require-relative (0.0.5)
    rest-client (1.6.7)
      mime-types (>= 1.16)
    rspec (1.2.6)
    rspec-rails (1.2.6)
      rack (>= 0.4.0)
      rspec (= 1.2.6)
    ruby-debug (0.10.4)
      columnize (>= 0.1)
      ruby-debug-base (~> 0.10.4.0)
    ruby-debug-base (0.10.4)
      linecache (>= 0.3)
    searchlogic (2.4.28)
      activerecord (>= 2.0.0)
    sequel (3.20.0)
    sinatra (1.0)
      rack (>= 1.0)
    sqlite3 (1.3.4)
    sqlite3-ruby (1.3.3)
      sqlite3 (>= 1.3.3)
    taps (0.3.23)
      rack (>= 1.0.1)
      rest-client (>= 1.4.0, < 1.7.0)
      sequel (~> 3.20.0)
      sinatra (~> 1.0.0)
      sqlite3-ruby (~> 1.2)
    term-ansicolor (1.0.6)
    treetop (1.4.10)
      polyglot
      polyglot (>= 0.3.1)
    webrat (0.4.4)
      nokogiri (>= 1.2.0)
    will_paginate (2.3.16)

PLATFORMS
  ruby

DEPENDENCIES
  authlogic
  cucumber (= 0.3.9)
  email_spec (= 0.6.6)
  factory_girl (= 1.3.3)
  heroku (= 1.17.10)
  pg
  rails (= 2.3.3)
  rspec (= 1.2.6)
  rspec-rails (= 1.2.6)
  ruby-debug
  searchlogic
  taps
  webrat (= 0.4.4)
  will_paginate (= 2.3.16)
